GEM
  remote: https://rubygems.org/
  specs:
    coffee-script (2.2.0)
      coffee-script-source
      execjs
    coffee-script-source (1.6.2)
    execjs (1.4.0)
      multi_json (~> 1.0)
    multi_json (1.7.2)
    rake (13.0.1)
    sass (3.2.7)
    uglifier (1.3.0)
      execjs (>= 0.3.0)
      multi_json (~> 1.0, >= 1.0.2)

PLATFORMS
  ruby

DEPENDENCIES
  coffee-script
  rake (>= 12.3.3)
  sass
  uglifier

BUNDLED WITH
   1.17.3
